GIT
  remote: git://github.com/mehmetc/ruby-oai-libis.git
  revision: f51d5d8ad959a19d97ea4cec83df283ee0a45ec2
  specs:
    oai (0.0.12)

GEM
  remote: http://rubygems.org/
  specs:
    archive-tar-minitar (0.5.2)
    builder (3.0.0)
    isbn-tools (0.1.0)
    nokogiri (1.5.5)

PLATFORMS
  ruby

DEPENDENCIES
  archive-tar-minitar
  builder
  isbn-tools
  nokogiri
  oai (= 0.0.12)!
